STORAGE: NONE
NUGET
  remote: https://api.nuget.org/v3/index.json
    FParsec (1.1.1)
      FSharp.Core (>= 4.3.4) - restriction: || (>= net45) (>= netstandard2.0)
      System.ValueTuple (>= 4.4) - restriction: >= net45
    FSharp.Core (9.0.201)
    FsToolkit.ErrorHandling (4.18)
      FSharp.Core (>= 4.7.2) - restriction: && (>= netstandard2.0) (< netstandard2.1)
      FSharp.Core (>= 7.0.300) - restriction: >= netstandard2.1
    System.ValueTuple (4.5) - restriction: >= net45
